GEM
  remote: https://rubygems.org/
  specs:
    actionpack (8.0.1)
      actionview (= 8.0.1)
      activesupport (= 8.0.1)
      nokogiri (>= 1.8.5)
      rack (>= 2.2.4)
      rack-session (>= 1.0.1)
      rack-test (>= 0.6.3)
      rails-dom-testing (~> 2.2)
      rails-html-sanitizer (~> 1.6)
      useragent (~> 0.16)
    actionview (8.0.1)
      activesupport (= 8.0.1)
      builder (~> 3.1)
      erubi (~> 1.11)
      rails-dom-testing (~> 2.2)
      rails-html-sanitizer (~> 1.6)
    activesupport (8.0.1)
      base64
      benchmark (>= 0.3)
      bigdecimal
      concurrent-ruby (~> 1.0, >= 1.3.1)
      connection_pool (>= 2.2.5)
      drb
      i18n (>= 1.6, < 2)
      logger (>= 1.4.2)
      minitest (>= 5.1)
      securerandom (>= 0.3)
      tzinfo (~> 2.0, >= 2.0.5)
      uri (>= 0.13.1)
    addressable (2.8.7)
      public_suffix (>= 2.0.2, < 7.0)
    always (0.0.5)
      concurrent-ruby (~> 1.1)
    ansi (1.5.0)
    archive-zip (0.12.0)
      io-like (~> 0.3.0)
    ast (2.4.2)
    aws-eventstream (1.3.0)
    aws-partitions (1.1026.0)
    aws-sdk-core (3.214.0)
      aws-eventstream (~> 1, >= 1.3.0)
      aws-partitions (~> 1, >= 1.992.0)
      aws-sigv4 (~> 1.9)
      jmespath (~> 1, >= 1.6.1)
    aws-sdk-ec2 (1.498.0)
      aws-sdk-core (~> 3, >= 3.210.0)
      aws-sigv4 (~> 1.5)
    aws-sdk-kms (1.96.0)
      aws-sdk-core (~> 3, >= 3.210.0)
      aws-sigv4 (~> 1.5)
    aws-sdk-s3 (1.176.1)
      aws-sdk-core (~> 3, >= 3.210.0)
      aws-sdk-kms (~> 1)
      aws-sigv4 (~> 1.5)
    aws-sdk-sqs (1.89.0)
      aws-sdk-core (~> 3, >= 3.210.0)
      aws-sigv4 (~> 1.5)
    aws-sigv4 (1.10.1)
      aws-eventstream (~> 1, >= 1.0.2)
    aws_lambda_ric (2.0.0)
    backtrace (0.4.0)
    base58 (0.2.3)
    base64 (0.2.0)
    baza.rb (0.0.9)
      backtrace (> 0)
      elapsed (> 0)
      faraday (> 0)
      faraday-http-cache (> 0)
      faraday-multipart (> 0)
      faraday-retry (> 0)
      iri (> 0)
      loog (> 0)
      retries (~> 0)
      tago (~> 0)
      typhoeus (~> 1.3)
    benchmark (0.4.0)
    bigdecimal (3.1.8)
    builder (3.3.0)
    capybara (3.40.0)
      addressable
      matrix
      mini_mime (>= 0.1.3)
      nokogiri (~> 1.11)
      rack (>= 1.6.0)
      rack-test (>= 0.6.3)
      regexp_parser (>= 1.5, < 3.0)
      xpath (~> 3.2)
    concurrent-ruby (1.3.4)
    connection_pool (2.4.1)
    crack (1.0.0)
      bigdecimal
      rexml
    crass (1.0.6)
    date (3.4.1)
    decoor (0.0.1)
    diff-lcs (1.5.1)
    differ (0.1.2)
    docile (1.4.1)
    drb (2.2.1)
    dry-core (1.0.2)
      concurrent-ruby (~> 1.0)
      logger
      zeitwerk (~> 2.6)
    dry-inflector (1.1.0)
    dry-logic (1.5.0)
      concurrent-ruby (~> 1.0)
      dry-core (~> 1.0, < 2)
      zeitwerk (~> 2.6)
    dry-struct (1.6.0)
      dry-core (~> 1.0, < 2)
      dry-types (>= 1.7, < 2)
      ice_nine (~> 0.11)
      zeitwerk (~> 2.6)
    dry-types (1.7.2)
      bigdecimal (~> 3.0)
      concurrent-ruby (~> 1.0)
      dry-core (~> 1.0)
      dry-inflector (~> 1.0)
      dry-logic (~> 1.4)
      zeitwerk (~> 2.6)
    elapsed (0.0.1)
      loog (> 0)
      tago (> 0)
    erubi (1.13.1)
    ethon (0.16.0)
      ffi (>= 1.15.0)
    factbase (0.4.0)
      backtrace (> 0)
      decoor (> 0)
      json (~> 2.7)
      loog (> 0)
      nokogiri (~> 1.10)
      others (> 0)
      tago (> 0)
      yaml (~> 0.3)
    faraday (2.12.2)
      faraday-net_http (>= 2.0, < 3.5)
      json
      logger
    faraday-http-cache (2.5.1)
      faraday (>= 0.8)
    faraday-multipart (1.1.0)
      multipart-post (~> 2.0)
    faraday-net_http (3.4.0)
      net-http (>= 0.5.0)
    faraday-retry (2.2.1)
      faraday (~> 2.0)
    fbe (0.0.85)
      backtrace (~> 0)
      baza.rb (~> 0)
      decoor (~> 0)
      factbase (~> 0)
      faraday (~> 2)
      faraday-http-cache (~> 2)
      faraday-multipart (~> 1)
      faraday-retry (~> 2)
      graphql-client (~> 0)
      judges (~> 0)
      liquid (= 5.5.1)
      loog (~> 0)
      obk (~> 0)
      octokit (~> 9)
      others (~> 0)
      verbose (~> 0)
    ffi (1.17.0-aarch64-linux-gnu)
    ffi (1.17.0-aarch64-linux-musl)
    ffi (1.17.0-arm-linux-gnu)
    ffi (1.17.0-arm-linux-musl)
    ffi (1.17.0-arm64-darwin)
    ffi (1.17.0-x86-linux-gnu)
    ffi (1.17.0-x86-linux-musl)
    ffi (1.17.0-x86_64-darwin)
    ffi (1.17.0-x86_64-linux-gnu)
    ffi (1.17.0-x86_64-linux-musl)
    fiber-storage (1.0.0)
    get_process_mem (1.0.0)
      bigdecimal (>= 2.0)
      ffi (~> 1.0)
    gli (2.22.0)
    glogin (0.16.4)
      base58 (>= 0.2)
      openssl (>= 2.0)
    google-protobuf (4.29.2)
      bigdecimal
      rake (>= 13)
    google-protobuf (4.29.2-aarch64-linux)
      bigdecimal
      rake (>= 13)
    google-protobuf (4.29.2-arm64-darwin)
      bigdecimal
      rake (>= 13)
    google-protobuf (4.29.2-x86-linux)
      bigdecimal
      rake (>= 13)
    google-protobuf (4.29.2-x86_64-darwin)
      bigdecimal
      rake (>= 13)
    google-protobuf (4.29.2-x86_64-linux)
      bigdecimal
      rake (>= 13)
    graphql (2.4.8)
      base64
      fiber-storage
    graphql-client (0.25.0)
      activesupport (>= 3.0)
      graphql (>= 1.13.0)
    haml (6.3.0)
      temple (>= 0.8.2)
      thor
      tilt
    haml_lint (0.59.0)
      haml (>= 5.0)
      parallel (~> 1.10)
      rainbow
      rubocop (>= 1.0)
      sysexits (~> 1.1)
    hashdiff (1.1.2)
    htmlcompressor (0.4.0)
    i18n (1.14.6)
      concurrent-ruby (~> 1.0)
    ice_nine (0.11.2)
    io-console (0.8.0)
    io-like (0.3.1)
    irb (1.14.3)
      rdoc (>= 4.0.0)
      reline (>= 0.4.2)
    iri (0.8.0)
    jmespath (1.6.2)
    json (2.9.1)
    judges (0.28.1)
      backtrace (~> 0)
      baza.rb (~> 0)
      concurrent-ruby (~> 1.2)
      elapsed (~> 0)
      factbase (~> 0)
      gli (~> 2.21)
      iri (~> 0)
      loog (~> 0)
      moments (~> 0.3)
      nokogiri (~> 1.10)
      others (~> 0)
      retries (~> 0)
      tago (~> 0)
      typhoeus (~> 1.3)
    language_server-protocol (3.17.0.3)
    liquid (5.5.1)
    listen (3.9.0)
      rb-fsevent (~> 0.10, >= 0.10.3)
      rb-inotify (~> 0.9, >= 0.9.10)
    logger (1.6.4)
    loofah (2.23.1)
      crass (~> 1.0.2)
      nokogiri (>= 1.12.0)
    loog (0.6.0)
    matrix (0.4.2)
    mini_mime (1.1.5)
    minitest (5.25.4)
    minitest-reporters (1.7.1)
      ansi
      builder
      minitest (>= 5.0)
      ruby-progressbar
    moments (0.3.0)
    multi_json (1.15.0)
    multipart-post (2.4.1)
    mustermann (3.0.3)
      ruby2_keywords (~> 0.0.1)
    net-http (0.6.0)
      uri
    net-ping (2.0.8)
    net-scp (4.0.0)
      net-ssh (>= 2.6.5, < 8.0.0)
    net-ssh (7.3.0)
    nokogiri (1.17.2-aarch64-linux)
      racc (~> 1.4)
    nokogiri (1.17.2-arm-linux)
      racc (~> 1.4)
    nokogiri (1.17.2-arm64-darwin)
      racc (~> 1.4)
    nokogiri (1.17.2-x86-linux)
      racc (~> 1.4)
    nokogiri (1.17.2-x86_64-darwin)
      racc (~> 1.4)
    nokogiri (1.17.2-x86_64-linux)
      racc (~> 1.4)
    obk (0.3.1)
    octokit (9.2.0)
      faraday (>= 1, < 3)
      sawyer (~> 0.9)
    openssl (3.2.1)
    os (1.1.4)
    others (0.0.3)
    parallel (1.26.3)
    parser (3.3.6.0)
      ast (~> 2.4.1)
      racc
    pg (1.5.9)
    pgtk (0.10.0)
      backtrace (> 0)
      loog (> 0)
      pg (~> 1.1)
      qbash (> 0)
      random-port (> 0)
    psych (5.2.2)
      date
      stringio
    public_suffix (6.0.1)
    qbash (0.1.0)
      backtrace (> 0)
      elapsed (> 0)
      loog (> 0)
      tago (> 0)
    racc (1.8.1)
    rack (3.1.8)
    rack-protection (4.0.0)
      base64 (>= 0.1.0)
      rack (>= 3.0.0, < 4)
    rack-session (2.0.0)
      rack (>= 3.0.0)
    rack-ssl (1.4.1)
      rack
    rack-test (2.1.0)
      rack (>= 1.3)
    rackup (2.2.1)
      rack (>= 3)
    rails-dom-testing (2.2.0)
      activesupport (>= 5.0.0)
      minitest
      nokogiri (>= 1.6)
    rails-html-sanitizer (1.6.2)
      loofah (~> 2.21)
      nokogiri (>= 1.15.7, != 1.16.7, != 1.16.6, != 1.16.5, != 1.16.4, != 1.16.3, != 1.16.2, != 1.16.1, != 1.16.0.rc1, != 1.16.0)
    railties (8.0.1)
      actionpack (= 8.0.1)
      activesupport (= 8.0.1)
      irb (~> 1.13)
      rackup (>= 1.0.0)
      rake (>= 12.2)
      thor (~> 1.0, >= 1.2.2)
      zeitwerk (~> 2.6)
    rainbow (3.1.1)
    rake (13.2.1)
    random-port (0.7.1)
    rb-fsevent (0.11.2)
    rb-inotify (0.11.1)
      ffi (~> 1.0)
    rdoc (6.10.0)
      psych (>= 4.0.0)
    redcarpet (3.6.0)
    regexp_parser (2.9.3)
    reline (0.6.0)
      io-console (~> 0.5)
    rerun (0.14.0)
      listen (~> 3.0)
    retries (0.0.5)
    rexml (3.4.0)
    rspec-core (3.13.2)
      rspec-support (~> 3.13.0)
    rspec-expectations (3.13.3)
      diff-lcs (>= 1.2.0, < 2.0)
      rspec-support (~> 3.13.0)
    rspec-mocks (3.13.2)
      diff-lcs (>= 1.2.0, < 2.0)
      rspec-support (~> 3.13.0)
    rspec-rails (7.1.0)
      actionpack (>= 7.0)
      activesupport (>= 7.0)
      railties (>= 7.0)
      rspec-core (~> 3.13)
      rspec-expectations (~> 3.13)
      rspec-mocks (~> 3.13)
      rspec-support (~> 3.13)
    rspec-support (3.13.2)
    rubocop (1.69.2)
      json (~> 2.3)
      language_server-protocol (>= 3.17.0)
      parallel (~> 1.10)
      parser (>= 3.3.0.2)
      rainbow (>= 2.2.2, < 4.0)
      regexp_parser (>= 2.9.3, < 3.0)
      rubocop-ast (>= 1.36.2, < 2.0)
      ruby-progressbar (~> 1.7)
      unicode-display_width (>= 2.4.0, < 4.0)
    rubocop-ast (1.37.0)
      parser (>= 3.3.1.0)
    rubocop-rspec (3.2.0)
      rubocop (~> 1.61)
    ruby-progressbar (1.13.0)
    ruby2_keywords (0.0.5)
    rubyzip (2.3.2)
    sass (3.7.4)
      sass-listen (~> 4.0.0)
    sass-embedded (1.83.0-aarch64-linux-gnu)
      google-protobuf (~> 4.28)
    sass-embedded (1.83.0-aarch64-linux-musl)
      google-protobuf (~> 4.28)
    sass-embedded (1.83.0-arm-linux-gnueabihf)
      google-protobuf (~> 4.28)
    sass-embedded (1.83.0-arm-linux-musleabihf)
      google-protobuf (~> 4.28)
    sass-embedded (1.83.0-arm64-darwin)
      google-protobuf (~> 4.28)
    sass-embedded (1.83.0-x86-linux-gnu)
      google-protobuf (~> 4.28)
    sass-embedded (1.83.0-x86-linux-musl)
      google-protobuf (~> 4.28)
    sass-embedded (1.83.0-x86_64-darwin)
      google-protobuf (~> 4.28)
    sass-embedded (1.83.0-x86_64-linux-gnu)
      google-protobuf (~> 4.28)
    sass-embedded (1.83.0-x86_64-linux-musl)
      google-protobuf (~> 4.28)
    sass-listen (4.0.0)
      rb-fsevent (~> 0.9, >= 0.9.4)
      rb-inotify (~> 0.9, >= 0.9.7)
    sawyer (0.9.2)
      addressable (>= 2.3.5)
      faraday (>= 0.17.3, < 3)
    scss_lint (0.60.0)
      sass (~> 3.5, >= 3.5.5)
    securerandom (0.4.1)
    sentry-ruby (5.22.1)
      bigdecimal
      concurrent-ruby (~> 1.0, >= 1.0.2)
    simplecov (0.22.0)
      docile (~> 1.1)
      simplecov-html (~> 0.11)
      simplecov_json_formatter (~> 0.1)
    simplecov-cobertura (2.1.0)
      rexml
      simplecov (~> 0.19)
    simplecov-html (0.13.1)
    simplecov_json_formatter (0.1.4)
    sinatra (4.0.0)
      mustermann (~> 3.0)
      rack (>= 3.0.0, < 4)
      rack-protection (= 4.0.0)
      rack-session (>= 2.0.0, < 3)
      tilt (~> 2.0)
    sinatra-contrib (4.0.0)
      multi_json (>= 0.0.2)
      mustermann (~> 3.0)
      rack-protection (= 4.0.0)
      sinatra (= 4.0.0)
      tilt (~> 2.0)
    slop (4.10.1)
    sprockets (4.2.1)
      concurrent-ruby (~> 1.0)
      rack (>= 2.2.4, < 4)
    stringio (3.1.2)
    sys-cpu (1.1.0)
      ffi (~> 1.1)
    sysexits (1.2.0)
    tago (0.0.2)
    telegram-bot-ruby (1.0.0)
      dry-struct (~> 1.6)
      faraday (~> 2.0)
      faraday-multipart (~> 1.0)
      zeitwerk (~> 2.6)
    telepost (0.5.1)
      telegram-bot-ruby (~> 1.0)
    temple (0.10.3)
    thor (1.3.2)
    threads (0.4.1)
      backtrace (~> 0)
      concurrent-ruby (~> 1.0)
    tilt (2.4.0)
    total (0.4.1)
    truncate (0.1.0)
    typhoeus (1.4.1)
      ethon (>= 0.9.0)
    tzinfo (2.0.6)
      concurrent-ruby (~> 1.0)
    unicode-display_width (3.1.2)
      unicode-emoji (~> 4.0, >= 4.0.4)
    unicode-emoji (4.0.4)
    uri (1.0.2)
    useragent (0.16.11)
    veils (0.4.0)
    verbose (0.0.2)
      loog (~> 0.2)
      tago (~> 0.0)
    w3c_validators (1.3.7)
      json (>= 1.8)
      nokogiri (~> 1.6)
      rexml (~> 3.2)
    webmock (3.24.0)
      addressable (>= 2.8.0)
      crack (>= 0.3.2)
      hashdiff (>= 0.4.0, < 2.0.0)
    webrick (1.9.1)
    xcop (0.7.1)
      differ (~> 0.1.2)
      nokogiri (~> 1.10)
      rainbow (~> 3.0)
      slop (~> 4.4)
    xpath (3.2.0)
      nokogiri (~> 1.8)
    yaml (0.4.0)
    zache (0.13.2)
    zeitwerk (2.7.1)

PLATFORMS
  aarch64-linux
  aarch64-linux-gnu
  aarch64-linux-musl
  arm-linux
  arm-linux-gnu
  arm-linux-gnueabihf
  arm-linux-musl
  arm-linux-musleabihf
  arm64-darwin
  x86-linux
  x86-linux-gnu
  x86-linux-musl
  x86_64-darwin
  x86_64-linux
  x86_64-linux-gnu
  x86_64-linux-musl

DEPENDENCIES
  always (~> 0)
  archive-zip (~> 0)
  aws-sdk-core (~> 3.202)
  aws-sdk-ec2 (~> 1.470)
  aws-sdk-s3 (~> 1.159)
  aws-sdk-sqs (~> 1.80)
  aws_lambda_ric (~> 2)
  backtrace (~> 0)
  capybara (~> 3)
  concurrent-ruby (~> 1.3)
  elapsed (~> 0)
  factbase (~> 0)
  faraday (>= 2)
  fbe (~> 0)
  get_process_mem (~> 1)
  glogin (~> 0)
  haml (~> 6.3)
  haml_lint (~> 0)
  htmlcompressor (~> 0)
  iri (~> 0)
  judges (~> 0)
  liquid (~> 5.5)
  loog (~> 0)
  minitest (~> 5.25)
  minitest-reporters (~> 1.7)
  net-ping (~> 2.0)
  net-scp (~> 4.0)
  net-ssh (~> 7.2)
  octokit (~> 9)
  os (> 0)
  pgtk (~> 0)
  qbash (~> 0)
  rack (~> 3.1)
  rack-ssl (~> 1.4)
  rack-test (~> 2.1)
  rake (~> 13.2)
  random-port (~> 0)
  redcarpet (~> 3.5)
  rerun (~> 0.14)
  retries (> 0)
  rspec-rails (~> 7.0)
  rubocop (= 1.69.2)
  rubocop-rspec (= 3.2.0)
  rubyzip (> 0)
  sass-embedded (~> 1)
  scss_lint (~> 0)
  sentry-ruby (~> 5.18)
  simplecov (~> 0.22)
  simplecov-cobertura (~> 2.1)
  sinatra (= 4.0.0)
  sinatra-contrib (= 4.0.0)
  sprockets (~> 4)
  sys-cpu (~> 1.1)
  tago (~> 0)
  telepost (~> 0)
  threads (~> 0)
  total (~> 0)
  truncate (~> 0.1)
  veils (~> 0)
  w3c_validators (~> 1.3)
  webmock (~> 3.23)
  webrick (~> 1.9.0)
  xcop (~> 0)
  zache (~> 0)

RUBY VERSION
   ruby 3.2.1p31

BUNDLED WITH
   2.5.16
