GEM
  remote: https://rubygems.org/
  specs:
    activesupport (7.2.2.1)
      base64
      benchmark (>= 0.3)
      bigdecimal
      concurrent-ruby (~> 1.0, >= 1.3.1)
      connection_pool (>= 2.2.5)
      drb
      i18n (>= 1.6, < 2)
      logger (>= 1.4.2)
      minitest (>= 5.1)
      securerandom (>= 0.3)
      tzinfo (~> 2.0, >= 2.0.5)
    addressable (2.8.7)
      public_suffix (>= 2.0.2, < 7.0)
    backtrace (0.4.0)
    base64 (0.2.0)
    baza.rb (0.0.9)
      backtrace (> 0)
      elapsed (> 0)
      faraday (> 0)
      faraday-http-cache (> 0)
      faraday-multipart (> 0)
      faraday-retry (> 0)
      iri (> 0)
      loog (> 0)
      retries (~> 0)
      tago (~> 0)
      typhoeus (~> 1.3)
    benchmark (0.4.0)
    bigdecimal (3.1.8)
    concurrent-ruby (1.3.4)
    connection_pool (2.4.1)
    decoor (0.0.1)
    drb (2.2.1)
    elapsed (0.0.1)
      loog (> 0)
      tago (> 0)
    ethon (0.16.0)
      ffi (>= 1.15.0)
    factbase (0.4.0)
      backtrace (> 0)
      decoor (> 0)
      json (~> 2.7)
      loog (> 0)
      nokogiri (~> 1.10)
      others (> 0)
      tago (> 0)
      yaml (~> 0.3)
    faraday (2.12.2)
      faraday-net_http (>= 2.0, < 3.5)
      json
      logger
    faraday-http-cache (2.5.1)
      faraday (>= 0.8)
    faraday-multipart (1.1.0)
      multipart-post (~> 2.0)
    faraday-net_http (3.4.0)
      net-http (>= 0.5.0)
    faraday-retry (2.2.1)
      faraday (~> 2.0)
    fbe (0.0.81)
      backtrace (~> 0)
      baza.rb (~> 0)
      decoor (~> 0)
      factbase (~> 0)
      faraday (~> 2)
      faraday-http-cache (~> 2)
      faraday-multipart (~> 1)
      faraday-retry (~> 2)
      graphql-client (~> 0)
      judges (~> 0)
      liquid (= 5.5.1)
      loog (~> 0)
      obk (~> 0)
      octokit (~> 9)
      others (~> 0)
      verbose (~> 0)
    ffi (1.17.0-arm64-darwin)
    ffi (1.17.0-x86_64-linux-gnu)
    fiber-storage (1.0.0)
    gli (2.22.0)
    graphql (2.3.20)
      base64
      fiber-storage
    graphql-client (0.23.0)
      activesupport (>= 3.0)
      graphql (>= 1.13.0)
    i18n (1.14.6)
      concurrent-ruby (~> 1.0)
    iri (0.8.0)
    json (2.9.1)
    judges (0.28.0)
      backtrace (~> 0)
      baza.rb (~> 0)
      concurrent-ruby (~> 1.2)
      elapsed (~> 0)
      factbase (~> 0)
      gli (~> 2.21)
      iri (~> 0)
      loog (~> 0)
      moments (~> 0.3)
      nokogiri (~> 1.10)
      others (~> 0)
      retries (~> 0)
      tago (~> 0)
      typhoeus (~> 1.3)
    liquid (5.5.1)
    logger (1.6.4)
    loog (0.6.0)
    minitest (5.25.4)
    moments (0.3.0)
    multipart-post (2.4.1)
    net-http (0.6.0)
      uri
    nokogiri (1.17.2-arm64-darwin)
      racc (~> 1.4)
    nokogiri (1.17.2-x86_64-linux)
      racc (~> 1.4)
    obk (0.3.1)
    octokit (9.1.0)
      faraday (>= 1, < 3)
      sawyer (~> 0.9)
    others (0.0.3)
    public_suffix (6.0.1)
    racc (1.8.1)
    retries (0.0.5)
    sawyer (0.9.2)
      addressable (>= 2.3.5)
      faraday (>= 0.17.3, < 3)
    securerandom (0.3.2)
    tago (0.0.2)
    typhoeus (1.4.1)
      ethon (>= 0.9.0)
    tzinfo (2.0.6)
      concurrent-ruby (~> 1.0)
    uri (0.13.1)
    verbose (0.0.2)
      loog (~> 0.2)
      tago (~> 0.0)
    yaml (0.4.0)

PLATFORMS
  arm64-darwin
  x86_64-linux

DEPENDENCIES
  factbase (> 0)
  fbe (> 0)
  judges (> 0)

RUBY VERSION
   ruby 3.2.1p31

BUNDLED WITH
   2.5.16
