GEM
  remote: https://rubygems.org/
  specs:
    archive-zip (0.12.0)
      io-like (~> 0.3.0)
    aws-eventstream (1.3.0)
    aws-partitions (1.1030.0)
    aws-sdk-core (3.214.1)
      aws-eventstream (~> 1, >= 1.3.0)
      aws-partitions (~> 1, >= 1.992.0)
      aws-sigv4 (~> 1.9)
      jmespath (~> 1, >= 1.6.1)
    aws-sdk-kms (1.96.0)
      aws-sdk-core (~> 3, >= 3.210.0)
      aws-sigv4 (~> 1.5)
    aws-sdk-s3 (1.176.1)
      aws-sdk-core (~> 3, >= 3.210.0)
      aws-sdk-kms (~> 1)
      aws-sigv4 (~> 1.5)
    aws-sdk-sqs (1.90.0)
      aws-sdk-core (~> 3, >= 3.210.0)
      aws-sigv4 (~> 1.5)
    aws-sigv4 (1.10.1)
      aws-eventstream (~> 1, >= 1.0.2)
    aws_lambda_ric (2.0.0)
    backtrace (0.4.0)
    baza.rb (0.0.9)
      backtrace (> 0)
      elapsed (> 0)
      faraday (> 0)
      faraday-http-cache (> 0)
      faraday-multipart (> 0)
      faraday-retry (> 0)
      iri (> 0)
      loog (> 0)
      retries (~> 0)
      tago (~> 0)
      typhoeus (~> 1.3)
    concurrent-ruby (1.3.4)
    decoor (0.0.1)
    elapsed (0.0.1)
      loog (> 0)
      tago (> 0)
    ethon (0.16.0)
      ffi (>= 1.15.0)
    factbase (0.4.0)
      backtrace (> 0)
      decoor (> 0)
      json (~> 2.7)
      loog (> 0)
      nokogiri (~> 1.10)
      others (> 0)
      tago (> 0)
      yaml (~> 0.3)
    faraday (2.12.2)
      faraday-net_http (>= 2.0, < 3.5)
      json
      logger
    faraday-http-cache (2.5.1)
      faraday (>= 0.8)
    faraday-multipart (1.1.0)
      multipart-post (~> 2.0)
    faraday-net_http (3.4.0)
      net-http (>= 0.5.0)
    faraday-retry (2.2.1)
      faraday (~> 2.0)
    ffi (1.17.1-aarch64-linux-gnu)
    ffi (1.17.1-aarch64-linux-musl)
    ffi (1.17.1-arm-linux-gnu)
    ffi (1.17.1-arm-linux-musl)
    ffi (1.17.1-arm64-darwin)
    ffi (1.17.1-x86-linux-gnu)
    ffi (1.17.1-x86-linux-musl)
    ffi (1.17.1-x86_64-darwin)
    ffi (1.17.1-x86_64-linux-gnu)
    ffi (1.17.1-x86_64-linux-musl)
    gli (2.22.0)
    io-like (0.3.1)
    iri (0.8.0)
    jmespath (1.6.2)
    json (2.9.1)
    judges (0.30.0)
      backtrace (~> 0)
      baza.rb (~> 0)
      concurrent-ruby (~> 1.2)
      elapsed (~> 0)
      factbase (~> 0)
      gli (~> 2.21)
      iri (~> 0)
      loog (~> 0)
      moments (~> 0.3)
      nokogiri (~> 1.10)
      others (~> 0)
      retries (~> 0)
      tago (~> 0)
      timeout (~> 0)
      typhoeus (~> 1.3)
    logger (1.6.4)
    loog (0.6.0)
    mini_portile2 (2.8.8)
    moments (0.3.0)
    multipart-post (2.4.1)
    net-http (0.6.0)
      uri
    nokogiri (1.18.1)
      mini_portile2 (~> 2.8.2)
      racc (~> 1.4)
    nokogiri (1.18.1-aarch64-linux-gnu)
      racc (~> 1.4)
    nokogiri (1.18.1-aarch64-linux-musl)
      racc (~> 1.4)
    nokogiri (1.18.1-arm-linux-gnu)
      racc (~> 1.4)
    nokogiri (1.18.1-arm-linux-musl)
      racc (~> 1.4)
    nokogiri (1.18.1-arm64-darwin)
      racc (~> 1.4)
    nokogiri (1.18.1-x86_64-darwin)
      racc (~> 1.4)
    nokogiri (1.18.1-x86_64-linux-gnu)
      racc (~> 1.4)
    nokogiri (1.18.1-x86_64-linux-musl)
      racc (~> 1.4)
    others (0.0.3)
    qbash (0.2.2)
      backtrace (> 0)
      elapsed (> 0)
      loog (> 0)
      tago (> 0)
    racc (1.8.1)
    retries (0.0.5)
    stringio (3.1.2)
    tago (0.0.2)
    timeout (0.4.3)
    typhoeus (1.4.1)
      ethon (>= 0.9.0)
    uri (1.0.2)
    yaml (0.4.0)

PLATFORMS
  aarch64-linux
  aarch64-linux-gnu
  aarch64-linux-musl
  arm-linux
  arm-linux-gnu
  arm-linux-musl
  arm64-darwin
  x86-linux
  x86-linux-gnu
  x86-linux-musl
  x86_64-darwin
  x86_64-linux
  x86_64-linux-gnu
  x86_64-linux-musl

DEPENDENCIES
  archive-zip (= 0.12.0)
  aws-sdk-core (~> 3.202)
  aws-sdk-s3 (~> 1.159)
  aws-sdk-sqs (~> 1.80)
  aws_lambda_ric (= 2.0.0)
  backtrace (> 0)
  elapsed (> 0)
  iri (> 0)
  json (> 0)
  judges (= 0.30.0)
  loog (> 0)
  nokogiri (> 0)
  qbash (>= 0.0.8)
  stringio (~> 3.1)
  typhoeus (~> 1.3)

RUBY VERSION
   ruby 3.2.1p31

BUNDLED WITH
   2.5.16
